PATH
  remote: .
  specs:
    arxutils_sqlite3 (0.1.61)
      activerecord (~> 6.1)
      activesupport
      bundler
      rake (~> 13.0)
      simpleoptparse
      sqlite3
      ykutils
      ykxutils

GEM
  remote: https://rubygems.org/
  specs:
    activemodel (6.1.7.3)
      activesupport (= 6.1.7.3)
    activerecord (6.1.7.3)
      activemodel (= 6.1.7.3)
      activesupport (= 6.1.7.3)
    activesupport (6.1.7.3)
      concurrent-ruby (~> 1.0, >= 1.0.2)
      i18n (>= 1.6, < 2)
      minitest (>= 5.1)
      tzinfo (~> 2.0)
      zeitwerk (~> 2.3)
    ast (2.4.2)
    concurrent-ruby (1.2.2)
    diff-lcs (1.5.0)
    erubi (1.12.0)
    erubis (2.7.0)
    filex (0.1.8)
      bundler
      erubis
      messagex
      rake (~> 13.0)
    i18n (1.12.0)
      concurrent-ruby (~> 1.0)
    json (2.7.1)
    messagex (0.1.5)
    mini_portile2 (2.8.5)
    minitest (5.18.0)
    parallel (1.24.0)
    parser (3.2.2.4)
      ast (~> 2.4.1)
      racc
    power_assert (1.1.7)
    racc (1.7.3)
    rainbow (3.1.1)
    rake (13.1.0)
    regexp_parser (2.8.3)
    rexml (3.2.6)
    rspec (3.12.0)
      rspec-core (~> 3.12.0)
      rspec-expectations (~> 3.12.0)
      rspec-mocks (~> 3.12.0)
    rspec-core (3.12.1)
      rspec-support (~> 3.12.0)
    rspec-expectations (3.12.2)
      diff-lcs (>= 1.2.0, < 2.0)
      rspec-support (~> 3.12.0)
    rspec-mocks (3.12.4)
      diff-lcs (>= 1.2.0, < 2.0)
      rspec-support (~> 3.12.0)
    rspec-support (3.12.0)
    rubocop (1.50.2)
      json (~> 2.3)
      parallel (~> 1.10)
      parser (>= 3.2.0.0)
      rainbow (>= 2.2.2, < 4.0)
      regexp_parser (>= 1.8, < 3.0)
      rexml (>= 3.2.5, < 4.0)
      rubocop-ast (>= 1.28.0, < 2.0)
      ruby-progressbar (~> 1.7)
      unicode-display_width (>= 2.4.0, < 3.0)
    rubocop-ast (1.30.0)
      parser (>= 3.2.1.0)
    rubocop-capybara (2.17.1)
      rubocop (~> 1.41)
    rubocop-performance (1.16.0)
      rubocop (>= 1.7.0, < 2.0)
      rubocop-ast (>= 0.4.0)
    rubocop-rake (0.6.0)
      rubocop (~> 1.0)
    rubocop-rspec (2.19.0)
      rubocop (~> 1.33)
      rubocop-capybara (~> 2.17)
    ruby-progressbar (1.13.0)
    simpleoptparse (0.1.2)
    sqlite3 (1.6.9)
      mini_portile2 (~> 2.8.0)
    tilt (2.1.0)
    tzinfo (2.0.6)
      concurrent-ruby (~> 1.0)
    unicode-display_width (2.5.0)
    webrick (1.7.0)
    yard (0.9.28)
      webrick (~> 1.7.0)
    ykutils (0.1.7)
      erubi
      filex
      tilt
    ykxutils (0.1.8)
      bundler
      erubi
      rake (~> 13.0)
      tilt
    zeitwerk (2.6.7)

PLATFORMS
  x86_64-linux

DEPENDENCIES
  activerecord (~> 6.1.7.1)
  activesupport
  arxutils_sqlite3!
  bundler
  power_assert (~> 1.1.5)
  rake (~> 13.1)
  rspec (~> 3.0)
  rubocop (~> 1.50)
  rubocop-performance
  rubocop-rake
  rubocop-rspec
  simpleoptparse
  sqlite3
  yard
  ykutils
  ykxutils

BUNDLED WITH
   2.4.6
